GEM
  remote: https://rubygems.org/
  specs:
    columnize (0.3.6)
    debugger (1.0.0)
      columnize (>= 0.3.1)
      debugger-linecache
      debugger-ruby_core_source
    debugger-linecache (1.0.1)
      debugger-ruby_core_source
    debugger-ruby_core_source (1.0.1)
    haml (3.1.4)
    httparty (0.8.1)
      multi_json
      multi_xml
    multi_json (1.2.0)
    multi_xml (0.4.1)
    rack (1.4.1)
    rack-protection (1.2.0)
      rack
    sinatra (1.3.2)
      rack (~> 1.3, >= 1.3.6)
      rack-protection (~> 1.2)
      tilt (~> 1.3, >= 1.3.3)
    tilt (1.3.3)

PLATFORMS
  ruby

DEPENDENCIES
  debugger
  haml
  httparty
  rack
  sinatra
