GEM
  remote: https://rubygems.org/
  specs:
    haml (3.1.4)
    kgio (2.9.3)
    r18n-core (0.4.14)
    rack (1.4.1)
    rack-protection (1.2.0)
      rack
    raindrops (0.13.0)
    requests (1.0.0)
    sass (3.2.3)
    sinatra (1.3.2)
      rack (~> 1.3, >= 1.3.6)
      rack-protection (~> 1.2)
      tilt (~> 1.3, >= 1.3.3)
    sinatra-r18n (0.4.14)
      r18n-core (= 0.4.14)
      sinatra (>= 1.3)
    tilt (1.3.3)
    unicorn (4.8.3)
      kgio (~> 2.6)
      rack
      raindrops (~> 0.7)

PLATFORMS
  ruby

DEPENDENCIES
  haml
  rack
  requests
  sass
  sinatra
  sinatra-r18n
  unicorn
